GIT
  remote: https://github.com/ontoportal-lirmm/goo.git
  revision: e48a2d13a65cc2dd1c12d116cfc9da9061106861
  branch: development
  specs:
    goo (0.0.2)
      addressable (~> 2.8)
      pry
      rdf
      rdf-raptor
      rdf-rdfxml
      rdf-vocab
      redis
      rest-client
      rsolr
      sparql-client
      uuid

GIT
  remote: https://github.com/ontoportal-lirmm/ncbo_annotator.git
  revision: 1eb751b65d10ae23d45c74e0516c78754a8419f0
  branch: development
  specs:
    ncbo_annotator (0.0.1)
      goo
      ontologies_linked_data
      redis
      ruby-xxHash

GIT
  remote: https://github.com/ontoportal-lirmm/ncbo_cron.git
  revision: c863617c47ee224905d845a4baa5558b674a7b91
  branch: master
  specs:
    ncbo_cron (0.0.1)
      dante
      goo
      google-analytics-data
      google-apis-analytics_v3
      mlanett-redis-lock
      multi_json
      ncbo_annotator
      ontologies_linked_data
      redis
      rufus-scheduler

GIT
  remote: https://github.com/ontoportal-lirmm/ncbo_ontology_recommender.git
  revision: a0e36c89e6e2f8502cac288df2992625649dad7a
  branch: development
  specs:
    ncbo_ontology_recommender (0.0.1)
      goo
      ncbo_annotator
      ontologies_linked_data
      redis

GIT
  remote: https://github.com/ontoportal-lirmm/ontologies_linked_data.git
  revision: 09b5de3b25f5b27019532361886b55bb36864c65
  branch: development
  specs:
    ontologies_linked_data (0.0.1)
      activesupport
      bcrypt
      goo
      json
      libxml-ruby
      multi_json
      oj
      omni_logger
      pony
      rack
      rack-test
      rsolr
      rubyzip

GIT
  remote: https://github.com/ontoportal-lirmm/sparql-client.git
  revision: 736b7650e28db3ce5e3e49511ac30f958a29e8f1
  branch: development
  specs:
    sparql-client (3.2.2)
      net-http-persistent (~> 4.0, >= 4.0.2)
      rdf (~> 3.2, >= 3.2.11)

GIT
  remote: https://github.com/palexander/rack-post-body-to-params.git
  revision: 0fd30e710386d0cb8a3a6833d9549d7b655d5398
  branch: multipart_support
  specs:
    rack-post-body-to-params (0.1.8)
      activesupport (>= 2.3)

GIT
  remote: https://github.com/palexander/shotgun.git
  revision: db198224aaab2e4cb9b049adccb30e387d88bc3b
  branch: ncbo
  specs:
    shotgun (0.9)
      rack (>= 1.0)

GIT
  remote: https://github.com/ruby-rdf/rdf-raptor.git
  revision: 6392ceabf71c3233b0f7f0172f662bd4a22cd534
  ref: 6392ceabf71c3233b0f7f0172f662bd4a22cd534
  specs:
    rdf-raptor (3.3.0)
      ffi (~> 1.15)
      rdf (~> 3.3)

GIT
  remote: https://github.com/sinatra/sinatra.git
  revision: c235249abaafa2780b540aca1813dfcf3d17c2dd
  specs:
    rack-protection (4.1.1)
      base64 (>= 0.1.0)
      logger (>= 1.6.0)
      rack (>= 3.0.0, < 4)
    sinatra-contrib (4.1.1)
      multi_json (>= 0.0.2)
      mustermann (~> 3.0)
      rack-protection (= 4.1.1)
      sinatra (= 4.1.1)
      tilt (~> 2.0)

GEM
  remote: https://rubygems.org/
  specs:
    activesupport (7.2.2.1)
      base64
      benchmark (>= 0.3)
      bigdecimal
      concurrent-ruby (~> 1.0, >= 1.3.1)
      connection_pool (>= 2.2.5)
      drb
      i18n (>= 1.6, < 2)
      logger (>= 1.4.2)
      minitest (>= 5.1)
      securerandom (>= 0.3)
      tzinfo (~> 2.0, >= 2.0.5)
    addressable (2.8.7)
      public_suffix (>= 2.0.2, < 7.0)
    airbrussh (1.5.3)
      sshkit (>= 1.6.1, != 1.7.0)
    ansi (1.5.0)
    ast (2.4.2)
    base64 (0.2.0)
    bcp47_spec (0.2.1)
    bcrypt (3.1.20)
    bcrypt_pbkdf (1.1.1)
    bcrypt_pbkdf (1.1.1-arm64-darwin)
    benchmark (0.4.0)
    bigdecimal (3.1.9)
    builder (3.3.0)
    capistrano (3.19.2)
      airbrussh (>= 1.0.0)
      i18n
      rake (>= 10.0.0)
      sshkit (>= 1.9.0)
    capistrano-bundler (2.1.1)
      capistrano (~> 3.1)
    capistrano-locally (0.3.0)
      capistrano (~> 3.0)
    capistrano-rbenv (2.2.0)
      capistrano (~> 3.1)
      sshkit (~> 1.3)
    coderay (1.1.3)
    concurrent-ruby (1.3.5)
    connection_pool (2.5.0)
    crack (0.4.5)
      rexml
    dante (0.2.0)
    date (3.4.1)
    declarative (0.0.20)
    docile (1.4.1)
    domain_name (0.6.20240107)
    drb (2.2.1)
    ed25519 (1.3.0)
    et-orbi (1.2.11)
      tzinfo
    faraday (2.12.2)
      faraday-net_http (>= 2.0, < 3.5)
      json
      logger
    faraday-net_http (3.4.0)
      net-http (>= 0.5.0)
    faraday-retry (2.2.1)
      faraday (~> 2.0)
    ffi (1.17.1)
    ffi (1.17.1-arm64-darwin)
    fugit (1.11.1)
      et-orbi (~> 1, >= 1.2.11)
      raabro (~> 1.4)
    gapic-common (0.25.0)
      faraday (>= 1.9, < 3.a)
      faraday-retry (>= 1.0, < 3.a)
      google-cloud-env (~> 2.2)
      google-logging-utils (~> 0.1)
      google-protobuf (>= 3.25, < 5.a)
      googleapis-common-protos (~> 1.6)
      googleapis-common-protos-types (~> 1.15)
      googleauth (~> 1.12)
      grpc (~> 1.66)
    get_process_mem (0.2.7)
      ffi (~> 1.0)
    google-analytics-data (0.7.0)
      google-analytics-data-v1beta (>= 0.11, < 2.a)
      google-cloud-core (~> 1.6)
    google-analytics-data-v1beta (0.16.0)
      gapic-common (>= 0.25.0, < 2.a)
      google-cloud-errors (~> 1.0)
    google-apis-analytics_v3 (0.16.0)
      google-apis-core (>= 0.15.0, < 2.a)
    google-apis-core (0.16.0)
      addressable (~> 2.5, >= 2.5.1)
      googleauth (~> 1.9)
      httpclient (>= 2.8.3, < 3.a)
      mini_mime (~> 1.0)
      mutex_m
      representable (~> 3.0)
      retriable (>= 2.0, < 4.a)
    google-cloud-core (1.7.1)
      google-cloud-env (>= 1.0, < 3.a)
      google-cloud-errors (~> 1.0)
    google-cloud-env (2.2.1)
      faraday (>= 1.0, < 3.a)
    google-cloud-errors (1.4.0)
    google-logging-utils (0.1.0)
    google-protobuf (4.29.3-arm64-darwin)
      bigdecimal
      rake (>= 13)
    google-protobuf (4.29.3-x86_64-linux)
      bigdecimal
      rake (>= 13)
    googleapis-common-protos (1.6.0)
      google-protobuf (>= 3.18, < 5.a)
      googleapis-common-protos-types (~> 1.7)
      grpc (~> 1.41)
    googleapis-common-protos-types (1.18.0)
      google-protobuf (>= 3.18, < 5.a)
    googleauth (1.13.1)
      faraday (>= 1.0, < 3.a)
      google-cloud-env (~> 2.2)
      google-logging-utils (~> 0.1)
      jwt (>= 1.4, < 3.0)
      multi_json (~> 1.11)
      os (>= 0.9, < 2.0)
      signet (>= 0.16, < 2.a)
    grpc (1.70.1-arm64-darwin)
      google-protobuf (>= 3.25, < 5.0)
      googleapis-common-protos-types (~> 1.0)
    grpc (1.70.1-x86_64-linux)
      google-protobuf (>= 3.25, < 5.0)
      googleapis-common-protos-types (~> 1.0)
    haml (6.3.0)
      temple (>= 0.8.2)
      thor
      tilt
    hashdiff (1.1.2)
    htmlentities (4.3.4)
    http-accept (1.7.0)
    http-cookie (1.0.8)
      domain_name (~> 0.5)
    httpclient (2.8.3)
    i18n (1.14.7)
      concurrent-ruby (~> 1.0)
    json (2.10.1)
    json-canonicalization (0.4.0)
    json-ld (3.2.5)
      htmlentities (~> 4.3)
      json-canonicalization (~> 0.3, >= 0.3.2)
      link_header (~> 0.0, >= 0.0.8)
      multi_json (~> 1.15)
      rack (>= 2.2, < 4)
      rdf (~> 3.2, >= 3.2.10)
    json-schema (5.1.1)
      addressable (~> 2.8)
      bigdecimal (~> 3.1)
    jwt (2.10.1)
      base64
    kgio (2.11.4)
    language_server-protocol (3.17.0.4)
    libxml-ruby (5.0.3)
    link_header (0.0.8)
    logger (1.6.6)
    macaddr (1.7.2)
      systemu (~> 2.6.5)
    mail (2.8.1)
      mini_mime (>= 0.1.1)
      net-imap
      net-pop
      net-smtp
    method_source (1.1.0)
    mime-types (3.6.0)
      logger
      mime-types-data (~> 3.2015)
    mime-types-data (3.2025.0204)
    mini_mime (1.1.5)
    minitest (5.25.4)
    minitest-fail-fast (0.1.0)
      minitest (~> 5)
    minitest-hooks (1.5.2)
      minitest (> 5.3)
    minitest-reporters (1.7.1)
      ansi
      builder
      minitest (>= 5.0)
      ruby-progressbar
    minitest-stub_any_instance (1.0.3)
    mlanett-redis-lock (0.2.7)
      redis
    multi_json (1.15.0)
    mustermann (3.0.3)
      ruby2_keywords (~> 0.0.1)
    mutex_m (0.3.0)
    net-ftp (0.3.8)
      net-protocol
      time
    net-http (0.6.0)
      uri
    net-http-persistent (4.0.5)
      connection_pool (~> 2.2)
    net-imap (0.5.6)
      date
      net-protocol
    net-pop (0.1.2)
      net-protocol
    net-protocol (0.2.2)
      timeout
    net-scp (4.1.0)
      net-ssh (>= 2.6.5, < 8.0.0)
    net-sftp (4.0.0)
      net-ssh (>= 5.0.0, < 8.0.0)
    net-smtp (0.5.1)
      net-protocol
    net-ssh (7.3.0)
    netrc (0.11.0)
    newrelic_rpm (9.17.0)
    oj (3.16.9)
      bigdecimal (>= 3.0)
      ostruct (>= 0.2)
    omni_logger (0.1.4)
      logger
    os (1.1.4)
    ostruct (0.6.1)
    parallel (1.26.3)
    parseconfig (1.1.2)
    parser (3.3.7.1)
      ast (~> 2.4.1)
      racc
    pony (1.13.1)
      mail (>= 2.0)
    pry (0.15.2)
      coderay (~> 1.1)
      method_source (~> 1.0)
    public_suffix (6.0.1)
    raabro (1.4.0)
    racc (1.8.1)
    rack (3.1.10)
    rack-accept (0.4.5)
      rack (>= 0.4)
    rack-attack (6.7.0)
      rack (>= 1.0, < 4)
    rack-cache (1.17.0)
      rack (>= 0.4)
    rack-cors (2.0.2)
      rack (>= 2.0.0)
    rack-mini-profiler (3.3.1)
      rack (>= 1.2.0)
    rack-session (2.1.0)
      base64 (>= 0.1.0)
      rack (>= 3.0.0)
    rack-test (2.2.0)
      rack (>= 1.3)
    rack-timeout (0.7.0)
    rackup (2.2.1)
      rack (>= 3)
    rainbow (3.1.1)
    raindrops (0.20.1)
    rake (13.2.1)
    rdf (3.3.2)
      bcp47_spec (~> 0.2)
      bigdecimal (~> 3.1, >= 3.1.5)
      link_header (~> 0.0, >= 0.0.8)
    rdf-rdfxml (3.3.0)
      builder (~> 3.2, >= 3.2.4)
      htmlentities (~> 4.3)
      rdf (~> 3.3)
      rdf-xsd (~> 3.3)
    rdf-vocab (3.3.2)
      rdf (~> 3.3)
    rdf-xsd (3.3.0)
      rdf (~> 3.3)
      rexml (~> 3.2)
    redcarpet (3.6.0)
    redis (5.3.0)
      redis-client (>= 0.22.0)
    redis-client (0.23.2)
      connection_pool
    redis-rack-cache (2.2.1)
      rack-cache (>= 1.10, < 2)
      redis-store (>= 1.6, < 2)
    redis-store (1.11.0)
      redis (>= 4, < 6)
    regexp_parser (2.10.0)
    representable (3.2.0)
      declarative (< 0.1.0)
      trailblazer-option (>= 0.1.1, < 0.2.0)
      uber (< 0.2.0)
    request_store (1.7.0)
      rack (>= 1.4)
    rest-client (2.1.0)
      http-accept (>= 1.7.0, < 2.0)
      http-cookie (>= 1.0.2, < 2.0)
      mime-types (>= 1.16, < 4.0)
      netrc (~> 0.8)
    retriable (3.1.2)
    rexml (3.4.0)
    rsolr (2.6.0)
      builder (>= 2.1.2)
      faraday (>= 0.9, < 3, != 2.0.0)
    rubocop (1.71.2)
      json (~> 2.3)
      language_server-protocol (>= 3.17.0)
      parallel (~> 1.10)
      parser (>= 3.3.0.2)
      rainbow (>= 2.2.2, < 4.0)
      regexp_parser (>= 2.9.3, < 3.0)
      rubocop-ast (>= 1.38.0, < 2.0)
      ruby-progressbar (~> 1.7)
      unicode-display_width (>= 2.4.0, < 4.0)
    rubocop-ast (1.38.0)
      parser (>= 3.3.1.0)
    ruby-progressbar (1.13.0)
    ruby-xxHash (0.4.0.2)
    ruby2_keywords (0.0.5)
    rubyzip (2.4.1)
    rufus-scheduler (3.9.2)
      fugit (~> 1.1, >= 1.11.1)
    securerandom (0.4.1)
    signet (0.19.0)
      addressable (~> 2.8)
      faraday (>= 0.17.5, < 3.a)
      jwt (>= 1.5, < 3.0)
      multi_json (~> 1.10)
    simplecov (0.22.0)
      docile (~> 1.1)
      simplecov-html (~> 0.11)
      simplecov_json_formatter (~> 0.1)
    simplecov-cobertura (2.1.0)
      rexml
      simplecov (~> 0.19)
    simplecov-html (0.13.1)
    simplecov_json_formatter (0.1.4)
    sinatra (4.1.1)
      logger (>= 1.6.0)
      mustermann (~> 3.0)
      rack (>= 3.0.0, < 4)
      rack-protection (= 4.1.1)
      rack-session (>= 2.0.0, < 3)
      tilt (~> 2.0)
    sshkit (1.24.0)
      base64
      logger
      net-scp (>= 1.1.2)
      net-sftp (>= 2.1.2)
      net-ssh (>= 2.8.0)
      ostruct
    systemu (2.6.5)
    temple (0.10.3)
    thor (1.3.2)
    tilt (2.6.0)
    time (0.4.1)
      date
    timeout (0.4.3)
    trailblazer-option (0.1.2)
    tzinfo (2.0.6)
      concurrent-ruby (~> 1.0)
    uber (0.1.0)
    unicode-display_width (3.1.4)
      unicode-emoji (~> 4.0, >= 4.0.4)
    unicode-emoji (4.0.4)
    unicorn (6.1.0)
      kgio (~> 2.6)
      raindrops (~> 0.7)
    unicorn-worker-killer (0.4.5)
      get_process_mem (~> 0)
      unicorn (>= 4, < 7)
    uri (1.0.2)
    uuid (2.3.9)
      macaddr (~> 1.0)
    webmock (3.25.0)
      addressable (>= 2.8.0)
      crack (>= 0.3.2)
      hashdiff (>= 0.4.0, < 2.0.0)
    webrick (1.9.1)

PLATFORMS
  arm64-darwin-24
  x86_64-linux

DEPENDENCIES
  activesupport
  bcrypt_pbkdf (>= 1.0, < 2.0)
  bigdecimal
  capistrano (~> 3)
  capistrano-bundler
  capistrano-locally
  capistrano-rbenv
  crack (= 0.4.5)
  ed25519 (>= 1.2, < 2.0)
  ffi
  goo!
  google-protobuf
  haml
  json-ld (~> 3.2.0)
  json-schema
  minitest
  minitest-fail-fast
  minitest-hooks
  minitest-reporters
  minitest-stub_any_instance
  multi_json
  ncbo_annotator!
  ncbo_cron!
  ncbo_ontology_recommender!
  net-ftp
  newrelic_rpm
  oj
  ontologies_linked_data!
  parallel
  parseconfig
  rack
  rack-accept
  rack-attack
  rack-cache
  rack-cors
  rack-mini-profiler
  rack-post-body-to-params!
  rack-test
  rack-timeout
  rackup
  rake
  rdf-raptor!
  redcarpet
  redis
  redis-rack-cache
  redis-store
  request_store
  rexml
  rubocop
  shotgun!
  simplecov
  simplecov-cobertura
  sinatra
  sinatra-contrib!
  sparql-client!
  unicorn
  unicorn-worker-killer
  webmock
  webrick

BUNDLED WITH
   2.6.3
